{
	"Modality": "MR",
	"MagneticFieldStrength": 3,
	"Manufacturer": "Siemens",
	"ManufacturersModelName": "TrioTim",
	"InstitutionName": "Weizmann",
	"InstitutionalDepartmentName": "Department",
	"InstitutionAddress": "Street_StreetNo_Rehovot_FA2669_District_IL_ZIP",
	"DeviceSerialNumber": "35149",
	"StationName": "MRC35149",
	"PatientPosition": "HFS",
	"ProcedureStepDescription": "Weizmann_Dudai",
	"SoftwareVersions": "syngo_MR_B17",
	"MRAcquisitionType": "2D",
	"SeriesDescription": "ep2d_E_NE_clips_1_2000_30ac_pc",
	"ProtocolName": "ep2d_E_NE_clips_1_2000_30ac_pc",
	"ScanningSequence": "EP",
	"SequenceVariant": "SK",
	"ScanOptions": "FS",
	"SequenceName": "epfid2d1_80",
	"ImageType": "ORIGINALPRIMARYMNDMOSAIC",
	"SeriesNumber": 5,
	"AcquisitionTime": "15:15:21.697500",
	"AcquisitionNumber": 1,
	"SliceThickness": 4,
	"SpacingBetweenSlices": 4,
	"SAR": 0.160686,
	"EchoTime": 0.03,
	"RepetitionTime": 2,
	"FlipAngle": 75,
	"PartialFourier": 1,
	"BaseResolution": 80,
	"ShimSetting": [2384,9545,-5349,703,-16,-241,-37,15],
	"TxRefAmp": 346.052,
	"PhaseResolution": 1,
	"VendorReportedEchoSpacing": 0.0005,
	"ReceiveCoilName": "HeadMatrix",
	"PulseSequenceDetails": "%SiemensSeq%_ep2d_pace",
	"PercentPhaseFOV": 100,
	"PhaseEncodingSteps": 79,
	"AcquisitionMatrixPE": 80,
	"ReconMatrixPE": 80,
	"BandwidthPerPixelPhaseEncode": 50,
	"ParallelReductionFactorInPlane": 2,
	"EffectiveEchoSpacing": 0.00025,
	"DerivedVendorReportedEchoSpacing": 0.0005,
	"TotalReadoutTime": 0.01975,
	"PixelBandwidth": 2404,
	"DwellTime": 2.6e-06,
	"PhaseEncodingDirection": "j-",
	"SliceTiming": [0.9925,0,1.0475,0.055,1.1025,0.11,1.1575,0.165,1.2125,0.22,1.2675,0.275,1.325,0.33,1.38,0.385,1.435,0.44,1.49,0.495,1.545,0.55,1.6,0.605,1.655,0.6625,1.71,0.7175,1.765,0.7725,1.82,0.8275,1.875,0.8825,1.9325,0.9375],
	"ImageOrientationPatientDICOM": [0.997017,-0.020697,0.074351,0.0546949,0.869166,-0.491487],
	"InPlanePhaseEncodingDirectionDICOM": "COL",
	"ConversionSoftware": "dcm2niix",
	"ConversionSoftwareVersion": "v1.0.20171215 GCC4.4.7",
	"TaskName": "viewclips"
}
