{
	"Modality": "MR",
	"MagneticFieldStrength": 3,
	"Manufacturer": "Siemens",
	"ManufacturersModelName": "TrioTim",
	"InstitutionName": "Weizmann",
	"InstitutionalDepartmentName": "Department",
	"InstitutionAddress": "Street_StreetNo_Rehovot_FA2669_District_IL_ZIP",
	"DeviceSerialNumber": "35149",
	"StationName": "MRC35149",
	"PatientPosition": "HFS",
	"ProcedureStepDescription": "Weizmann_Dudai",
	"SoftwareVersions": "syngo_MR_B17",
	"MRAcquisitionType": "2D",
	"SeriesDescription": "ep2d_E_NE_clips_1_2000_30ac_pc",
	"ProtocolName": "ep2d_E_NE_clips_1_2000_30ac_pc",
	"ScanningSequence": "EP",
	"SequenceVariant": "SK",
	"ScanOptions": "FS",
	"SequenceName": "epfid2d1_80",
	"ImageType": "ORIGINALPRIMARYMNDMOSAIC",
	"SeriesNumber": 3,
	"AcquisitionTime": "10:42:27.477500",
	"AcquisitionNumber": 1,
	"SliceThickness": 4,
	"SpacingBetweenSlices": 4,
	"SAR": 0.163913,
	"EchoTime": 0.03,
	"RepetitionTime": 2,
	"FlipAngle": 75,
	"PartialFourier": 1,
	"BaseResolution": 80,
	"ShimSetting": [2243,9775,-5539,664,-188,298,-318,83],
	"TxRefAmp": 330.763,
	"PhaseResolution": 1,
	"VendorReportedEchoSpacing": 0.0005,
	"ReceiveCoilName": "HeadMatrix",
	"PulseSequenceDetails": "%SiemensSeq%_ep2d_pace",
	"PercentPhaseFOV": 100,
	"PhaseEncodingSteps": 79,
	"AcquisitionMatrixPE": 80,
	"ReconMatrixPE": 80,
	"BandwidthPerPixelPhaseEncode": 50,
	"ParallelReductionFactorInPlane": 2,
	"EffectiveEchoSpacing": 0.00025,
	"DerivedVendorReportedEchoSpacing": 0.0005,
	"TotalReadoutTime": 0.01975,
	"PixelBandwidth": 2404,
	"DwellTime": 2.6e-06,
	"PhaseEncodingDirection": "j-",
	"SliceTiming": [0.995,0,1.05,0.055,1.105,0.11,1.16,0.165,1.215,0.22,1.27,0.2775,1.325,0.3325,1.38,0.3875,1.435,0.4425,1.49,0.4975,1.5475,0.5525,1.6025,0.6075,1.6575,0.6625,1.7125,0.7175,1.7675,0.7725,1.8225,0.8275,1.8775,0.8825,1.9325,0.94],
	"ImageOrientationPatientDICOM": [0.99954,-0.028824,0.00947225,0.0290585,0.81966,-0.572112],
	"InPlanePhaseEncodingDirectionDICOM": "COL",
	"ConversionSoftware": "dcm2niix",
	"ConversionSoftwareVersion": "v1.0.20171215 GCC4.4.7",
	"TaskName": "viewclips"
}
